GEM
  remote: https://rubygems.org/
  specs:
    byebug (10.0.2)
    coderay (1.1.2)
    faraday (0.15.4)
      multipart-post (>= 1.2, < 3)
    google-protobuf (3.7.0.rc.2)
    googleapis-common-protos-types (1.0.2)
      google-protobuf (~> 3.0)
    grpc (1.18.0)
      google-protobuf (~> 3.1)
      googleapis-common-protos-types (~> 1.0.0)
    grpc-tools (1.18.0)
    method_source (0.9.2)
    multipart-post (2.0.0)
    pry (0.12.2)
      coderay (~> 1.1.0)
      method_source (~> 0.9.0)
    pry-byebug (3.6.0)
      byebug (~> 10.0)
      pry (~> 0.10)
    rake (12.3.2)
    thrift (0.11.0.0)
    twirp (1.1.0)
      faraday (~> 0)
      google-protobuf (~> 3.0, >= 3.0.0)
    webrick (1.4.2)

PLATFORMS
  ruby

DEPENDENCIES
  grpc
  grpc-tools
  pry-byebug
  rake
  thrift
  twirp
  webrick

BUNDLED WITH
   2.0.1
